GEM
  remote: https://rubygems.org/
  specs:
    activemodel (5.1.6)
      activesupport (= 5.1.6)
    activesupport (5.1.6)
      concurrent-ruby (~> 1.0, >= 1.0.2)
      i18n (>= 0.7, < 2)
      minitest (~> 5.1)
      tzinfo (~> 1.1)
    ast (2.4.0)
    awesome_print (1.8.0)
    backports (3.11.1)
    better_errors (2.4.0)
      coderay (>= 1.0.0)
      erubi (>= 1.0.0)
      rack (>= 0.9.0)
    binding_of_caller (0.8.0)
      debug_inspector (>= 0.0.1)
    bson (4.3.0)
    coderay (1.1.2)
    concurrent-ruby (1.0.5)
    debug_inspector (0.0.3)
    diff-lcs (1.3)
    dotenv (2.2.1)
    dotenv-heroku (0.0.1)
      rake
    erubi (1.7.1)
    ffi (1.9.25)
    foreman (0.84.0)
      thor (~> 0.19.1)
    httparty (0.16.2)
      multi_xml (>= 0.5.2)
    i18n (1.0.0)
      concurrent-ruby (~> 1.0)
    method_source (0.9.0)
    minitest (5.11.3)
    mongo (2.5.1)
      bson (>= 4.3.0, < 5.0.0)
    mongoid (6.4.0)
      activemodel (>= 5.1, < 6.0.0)
      mongo (>= 2.5.1, < 3.0.0)
    multi_json (1.13.1)
    multi_xml (0.6.0)
    mustermann (1.0.2)
    newrelic_rpm (3.18.1.330)
    parallel (1.12.1)
    parser (2.5.0.5)
      ast (~> 2.4.0)
    powerpack (0.1.1)
    pry (0.11.3)
      coderay (~> 1.1.0)
      method_source (~> 0.9.0)
    puma (3.11.3)
    rack (2.0.4)
    rack-protection (2.0.1)
      rack
    rack-ssl-enforcer (0.2.9)
    rainbow (3.0.0)
    rake (12.3.1)
    rb-fsevent (0.10.3)
    rb-inotify (0.9.10)
      ffi (>= 0.5.0, < 2)
    rb-readline (0.5.5)
    redis (4.0.1)
    rspec (3.7.0)
      rspec-core (~> 3.7.0)
      rspec-expectations (~> 3.7.0)
      rspec-mocks (~> 3.7.0)
    rspec-core (3.7.1)
      rspec-support (~> 3.7.0)
    rspec-expectations (3.7.0)
      diff-lcs (>= 1.2.0, < 2.0)
      rspec-support (~> 3.7.0)
    rspec-mocks (3.7.0)
      diff-lcs (>= 1.2.0, < 2.0)
      rspec-support (~> 3.7.0)
    rspec-support (3.7.1)
    rubocop (0.54.0)
      parallel (~> 1.10)
      parser (>= 2.5)
      powerpack (~> 0.1)
      rainbow (>= 2.2.2, < 4.0)
      ruby-progressbar (~> 1.7)
      unicode-display_width (~> 1.0, >= 1.0.1)
    ruby-progressbar (1.9.0)
    sass (3.5.6)
      sass-listen (~> 4.0.0)
    sass-listen (4.0.0)
      rb-fsevent (~> 0.9, >= 0.9.4)
      rb-inotify (~> 0.9, >= 0.9.7)
    sinatra (2.0.1)
      mustermann (~> 1.0)
      rack (~> 2.0)
      rack-protection (= 2.0.1)
      tilt (~> 2.0)
    sinatra-contrib (2.0.1)
      backports (>= 2.0)
      multi_json
      mustermann (~> 1.0)
      rack-protection (= 2.0.1)
      sinatra (= 2.0.1)
      tilt (>= 1.3, < 3)
    thor (0.19.4)
    thread_safe (0.3.6)
    tilt (2.0.8)
    tzinfo (1.2.5)
      thread_safe (~> 0.1)
    unicode-display_width (1.3.0)

PLATFORMS
  ruby

DEPENDENCIES
  activesupport (~> 5.1)
  awesome_print
  better_errors
  binding_of_caller
  dotenv (~> 2.2)
  dotenv-heroku (~> 0.0)
  foreman (~> 0.84)
  httparty (~> 0.15)
  mongoid (~> 6.2)
  newrelic_rpm (~> 3.17)
  pry
  puma (~> 3.10)
  rack-ssl-enforcer (~> 0.2)
  rb-readline
  redis (~> 4.0)
  rspec (~> 3.7)
  rubocop
  sass (~> 3.5)
  sinatra (~> 2.0)
  sinatra-contrib (~> 2.0)

RUBY VERSION
   ruby 2.5.0p0

BUNDLED WITH
   1.16.1
