GEM
  remote: https://rubygems.org/
  specs:
    activemodel (5.2.2)
      activesupport (= 5.2.2)
    activesupport (5.2.2)
      concurrent-ruby (~> 1.0, >= 1.0.2)
      i18n (>= 0.7, < 2)
      minitest (~> 5.1)
      tzinfo (~> 1.1)
    ast (2.4.0)
    awesome_print (1.8.0)
    backports (3.11.4)
    better_errors (2.5.0)
      coderay (>= 1.0.0)
      erubi (>= 1.0.0)
      rack (>= 0.9.0)
    binding_of_caller (0.8.0)
      debug_inspector (>= 0.0.1)
    bson (4.3.0)
    coderay (1.1.2)
    concurrent-ruby (1.1.4)
    debug_inspector (0.0.3)
    diff-lcs (1.3)
    dotenv (2.6.0)
    dotenv-heroku (0.0.1)
      rake
    erubi (1.8.0)
    ffi (1.9.25)
    foreman (0.85.0)
      thor (~> 0.19.1)
    httparty (0.17.0)
      mime-types (~> 3.0)
      multi_xml (>= 0.5.2)
    i18n (1.4.0)
      concurrent-ruby (~> 1.0)
    jaro_winkler (1.5.2)
    method_source (0.9.2)
    mime-types (3.2.2)
      mime-types-data (~> 3.2015)
    mime-types-data (3.2019.0331)
    minitest (5.11.3)
    mongo (2.6.2)
      bson (>= 4.3.0, < 5.0.0)
    mongoid (7.0.2)
      activemodel (>= 5.1, < 6.0.0)
      mongo (>= 2.5.1, < 3.0.0)
    multi_json (1.13.1)
    multi_xml (0.6.0)
    mustermann (1.0.3)
    newrelic_rpm (5.6.0.349)
    parallel (1.13.0)
    parser (2.6.0.0)
      ast (~> 2.4.0)
    powerpack (0.1.2)
    pry (0.12.2)
      coderay (~> 1.1.0)
      method_source (~> 0.9.0)
    puma (3.12.0)
    rack (2.0.6)
    rack-protection (2.0.5)
      rack
    rack-ssl-enforcer (0.2.9)
    rainbow (3.0.0)
    rake (12.3.2)
    rb-fsevent (0.10.3)
    rb-inotify (0.10.0)
      ffi (~> 1.0)
    rb-readline (0.5.5)
    redis (4.1.0)
    rspec (3.8.0)
      rspec-core (~> 3.8.0)
      rspec-expectations (~> 3.8.0)
      rspec-mocks (~> 3.8.0)
    rspec-core (3.8.0)
      rspec-support (~> 3.8.0)
    rspec-expectations (3.8.2)
      diff-lcs (>= 1.2.0, < 2.0)
      rspec-support (~> 3.8.0)
    rspec-mocks (3.8.0)
      diff-lcs (>= 1.2.0, < 2.0)
      rspec-support (~> 3.8.0)
    rspec-support (3.8.0)
    rubocop (0.63.1)
      jaro_winkler (~> 1.5.1)
      parallel (~> 1.10)
      parser (>= 2.5, != 2.5.1.1)
      powerpack (~> 0.1)
      rainbow (>= 2.2.2, < 4.0)
      ruby-progressbar (~> 1.7)
      unicode-display_width (~> 1.4.0)
    ruby-progressbar (1.10.0)
    sass (3.7.3)
      sass-listen (~> 4.0.0)
    sass-listen (4.0.0)
      rb-fsevent (~> 0.9, >= 0.9.4)
      rb-inotify (~> 0.9, >= 0.9.7)
    sinatra (2.0.5)
      mustermann (~> 1.0)
      rack (~> 2.0)
      rack-protection (= 2.0.5)
      tilt (~> 2.0)
    sinatra-contrib (2.0.5)
      backports (>= 2.8.2)
      multi_json
      mustermann (~> 1.0)
      rack-protection (= 2.0.5)
      sinatra (= 2.0.5)
      tilt (>= 1.3, < 3)
    thor (0.19.4)
    thread_safe (0.3.6)
    tilt (2.0.9)
    tzinfo (1.2.5)
      thread_safe (~> 0.1)
    unicode-display_width (1.4.1)

PLATFORMS
  ruby

DEPENDENCIES
  activesupport (~> 5.1)
  awesome_print
  better_errors
  binding_of_caller
  dotenv (~> 2.6)
  dotenv-heroku (~> 0.0)
  foreman (~> 0.84)
  httparty (~> 0.17)
  mongoid (~> 7.0)
  newrelic_rpm (~> 5.6)
  pry
  puma (~> 3.10)
  rack-ssl-enforcer (~> 0.2)
  rb-readline
  redis (~> 4.0)
  rspec (~> 3.7)
  rubocop
  sass (~> 3.5)
  sinatra (~> 2.0)
  sinatra-contrib (~> 2.0)

RUBY VERSION
   ruby 2.6.0p0

BUNDLED WITH
   1.17.2
